PATH
  remote: .
  specs:
    proffer (0.9.0)

GEM
  remote: https://rubygems.org/
  specs:
    minitest (2.11.4)
    rake (0.9.2.2)

PLATFORMS
  ruby

DEPENDENCIES
  minitest
  proffer!
  rake
